PATH
  remote: .
  specs:
    ruby-duration (2.1.0)
      activesupport (>= 3.0.0)
      i18n

GEM
  remote: http://rubygems.org/
  specs:
    activesupport (3.2.3)
      i18n (~> 0.6)
      multi_json (~> 1.0)
    bluecloth (2.2.0)
    i18n (0.6.0)
    minitest (2.12.0)
    multi_json (1.2.0)
    rake (0.9.2.2)
    simplecov (0.6.1)
      multi_json (~> 1.0)
      simplecov-html (~> 0.5.3)
    simplecov-html (0.5.3)
    yard (0.7.5)

PLATFORMS
  ruby

DEPENDENCIES
  bluecloth (>= 0.3.5)
  bundler (>= 1.0.0)
  minitest
  rake
  ruby-duration!
  simplecov (>= 0.3.5)
  yard
