PATH
  remote: .
  specs:
    ruby-duration (2.0.0)
      activesupport (>= 3.0.0)
      i18n
      mongoid (>= 2.1.0)

GEM
  remote: http://rubygems.org/
  specs:
    activemodel (3.0.9)
      activesupport (= 3.0.9)
      builder (~> 2.1.2)
      i18n (~> 0.5.0)
    activesupport (3.0.9)
    bluecloth (2.0.9)
    bson (1.3.1)
    builder (2.1.2)
    i18n (0.5.0)
    minitest (1.7.2)
    mongo (1.3.1)
      bson (>= 1.3.1)
    mongoid (2.1.4)
      activemodel (~> 3.0)
      mongo (~> 1.3)
      tzinfo (~> 0.3.22)
    rake (0.8.7)
    simplecov (0.3.6)
      simplecov-html (>= 0.3.7)
    simplecov-html (0.3.8)
    tzinfo (0.3.29)
    yard (0.6.1)

PLATFORMS
  ruby

DEPENDENCIES
  bluecloth (>= 0.3.5)
  bundler (>= 1.0.0)
  minitest
  rake
  ruby-duration!
  simplecov (>= 0.3.5)
  yard
