PATH
  remote: .
  specs:
    ruby-duration (1.0.0)
      activesupport (>= 3.0.0)
      i18n

GEM
  remote: http://rubygems.org/
  specs:
    activesupport (3.0.1)
    bluecloth (2.0.9)
    i18n (0.4.1)
    minitest (1.7.2)
    rake (0.8.7)
    simplecov (0.3.6)
      simplecov-html (>= 0.3.7)
    simplecov-html (0.3.8)
    yard (0.6.1)

PLATFORMS
  ruby

DEPENDENCIES
  activesupport (>= 3.0.0)
  bluecloth (>= 0.3.5)
  bundler (>= 1.0.0)
  i18n
  minitest
  rake
  ruby-duration!
  simplecov (>= 0.3.5)
  yard
