PATH
  remote: .
  specs:
    ruby-duration (0.5.0)

GEM
  remote: http://rubygems.org/
  specs:
    activesupport (3.0.1)
    i18n (0.4.1)
    minitest (1.7.2)
    rake (0.8.7)
    yard (0.6.1)

PLATFORMS
  ruby

DEPENDENCIES
  activesupport (>= 3.0.0)
  bundler (>= 1.0.0)
  i18n
  minitest
  rake
  ruby-duration!
  yard
